PATH
  remote: .
  specs:
    mark (0.1.0)
      pry
      redcarpet
      tilt

GEM
  remote: https://rubygems.org/
  specs:
    coderay (1.1.2)
    method_source (0.9.0)
    minitest (5.11.3)
    pry (0.11.3)
      coderay (~> 1.1.0)
      method_source (~> 0.9.0)
    rake (10.5.0)
    redcarpet (3.4.0)
    tilt (2.0.8)

PLATFORMS
  ruby

DEPENDENCIES
  bundler (~> 1.16)
  mark!
  minitest (~> 5.0)
  rake (~> 10.0)

BUNDLED WITH
   1.16.5
